GIT
  remote: https://github.com/keathley/spotify.git
  revision: 5115d1c2c674a89a7cc883b2b4cc28cdb344267c
  specs:
    spotify (12.5.3)
      ffi (~> 1.0, >= 1.0.11)
      libspotify (~> 12.1.51)
      performer (~> 1.0)

GEM
  remote: https://rubygems.org/
  specs:
    ffi (1.9.3)
    libspotify (12.1.51.4)
    performer (1.0.1)
    plaything (1.1.1)
      ffi (~> 1.1)

PLATFORMS
  ruby

DEPENDENCIES
  plaything (~> 1.1)
  spotify!
