GIT
  remote: https://github.com/spyc3r/spotify.git
  revision: 5115d1c2c674a89a7cc883b2b4cc28cdb344267c
  specs:
    spotify (12.5.3)
      ffi (~> 1.0, >= 1.0.11)
      libspotify (~> 12.1.51)
      performer (~> 1.0)

GEM
  remote: https://rubygems.org/
  specs:
    diff-lcs (1.2.5)
    dotenv (0.11.1)
      dotenv-deployment (~> 0.0.2)
    dotenv-deployment (0.0.2)
    ffi (1.9.3)
    foreman (0.75.0)
      dotenv (~> 0.11.1)
      thor (~> 0.19.1)
    kgio (2.9.2)
    libspotify (12.1.51.4)
    performer (1.0.1)
    plaything (1.1.1)
      ffi (~> 1.1)
    rack (1.5.2)
    rack-protection (1.5.3)
      rack
    raindrops (0.13.0)
    redis (3.0.7)
    rspec (3.0.0)
      rspec-core (~> 3.0.0)
      rspec-expectations (~> 3.0.0)
      rspec-mocks (~> 3.0.0)
    rspec-core (3.0.4)
      rspec-support (~> 3.0.0)
    rspec-expectations (3.0.4)
      diff-lcs (>= 1.2.0, < 2.0)
      rspec-support (~> 3.0.0)
    rspec-mocks (3.0.4)
      rspec-support (~> 3.0.0)
    rspec-support (3.0.4)
    sinatra (1.4.5)
      rack (~> 1.4)
      rack-protection (~> 1.4)
      tilt (~> 1.3, >= 1.3.4)
    thor (0.19.1)
    tilt (1.4.1)
    unicorn (4.8.3)
      kgio (~> 2.6)
      rack
      raindrops (~> 0.7)
    yard (0.8.7.4)

PLATFORMS
  ruby

DEPENDENCIES
  foreman
  plaything (~> 1.1)
  redis
  rspec
  sinatra
  spotify!
  unicorn
  yard
